GEM
  remote: https://rubygems.org/
  specs:
    byebug (10.0.2)

PLATFORMS
  ruby

DEPENDENCIES
  byebug (~> 10.0)

BUNDLED WITH
   1.17.2
